GEM
  remote: https://rubygems.org/
  specs:
    sqlite3 (1.6.9-arm64-darwin)

PLATFORMS
  arm64-darwin-22

DEPENDENCIES
  sqlite3 (~> 1.6)

BUNDLED WITH
   2.3.7
